PATH
  remote: .
  specs:
    simple_analytics_api (0.0.2)

GEM
  remote: https://rubygems.org/
  specs:
    minitest (5.14.3)
    rake (12.3.3)

PLATFORMS
  ruby

DEPENDENCIES
  minitest (~> 5.0)
  rake (~> 12.0)
  simple_analytics_api!

BUNDLED WITH
   2.1.4
